GEM
  remote: https://rubygems.org/
  specs:
    bigdecimal (3.1.6)
    fast_jsonparser (0.6.0)
    pg (1.5.6)
    rack (2.2.8.1)
    rage-iodine (3.0.4)
    rage-rb (0.7.0)
      rack (~> 2.0)
      rage-iodine (~> 3.0)
      thor (~> 1.0)
      zeitwerk (~> 2.6)
    sequel (5.78.0)
      bigdecimal
    thor (1.3.1)
    zeitwerk (2.6.13)

PLATFORMS
  arm64-darwin-22
  ruby

DEPENDENCIES
  fast_jsonparser
  pg
  rage-rb (= 0.7.0)
  sequel

BUNDLED WITH
   2.5.3
